GEM
  remote: http://rubygems.org/
  specs:
    serialport (1.0.4)
    yajl-ruby (1.1.0)

PLATFORMS
  ruby

DEPENDENCIES
  serialport
  yajl-ruby
